GEM
  specs:
    faker (1.6.6)
      i18n (~> 0.5)
    i18n (0.7.0)
    mini_portile2 (2.1.0)
    nokogiri (1.6.8.1)
      mini_portile2 (~> 2.1.0)
    rcaptcha (0.2.1)
      rmagick (= 2.13.2)
    rmagick (2.13.2)
    rtesseract (2.0.0)
      nokogiri

PLATFORMS
  ruby

DEPENDENCIES
  faker
  rcaptcha
  rmagick
  rtesseract

BUNDLED WITH
   1.10.6
