GIT
  remote: https://github.com/rmagick/rmagick.git
  revision: ff60984be5792a91a4853ee15bbb203a97dd6afd
  specs:
    rmagick (2.16.0)

GEM
  remote: https://rubygems.org/
  specs:
    faker (1.6.6)
      i18n (~> 0.5)
    i18n (0.7.0)
    mini_portile2 (2.1.0)
    nokogiri (1.6.8.1)
      mini_portile2 (~> 2.1.0)
    rtesseract (2.0.0)
      nokogiri

PLATFORMS
  ruby

DEPENDENCIES
  faker
  rmagick!
  rtesseract

BUNDLED WITH
   1.12.5
